GEM
  remote: http://rubygems.org/
  specs:
    active_support (3.0.0)
      activesupport (= 3.0.0)
    activesupport (3.0.0)
    adsf (1.1.1)
      rack (>= 1.0.0)
    builder (3.0.0)
    cri (2.2.1)
    kramdown (0.13.5)
    mime-types (1.18)
    nanoc (3.3.2)
      cri (~> 2.2)
    rack (1.4.1)
    rake (0.9.2.2)
    rujitsu (0.3.3)

PLATFORMS
  java
  ruby
  x86-mingw32

DEPENDENCIES
  active_support
  adsf
  builder
  kramdown
  mime-types
  nanoc
  rack
  rake
  rujitsu
